GEM
  remote: https://rubygems.org/
  specs:
    websocket_parser (1.0.0)

PLATFORMS
  x64-mingw-ucrt

DEPENDENCIES
  websocket_parser

BUNDLED WITH
   2.4.10
